PATH
  remote: .
  specs:
    dot_why (0.0.1)
      active_support
      erector

GEM
  remote: http://rubygems.org/
  specs:
    active_support (3.0.0)
      activesupport (= 3.0.0)
    activesupport (3.0.0)
    erector (0.9.0)
      treetop (>= 1.2.3)
    polyglot (0.3.3)
    treetop (1.4.14)
      polyglot
      polyglot (>= 0.3.1)

PLATFORMS
  ruby

DEPENDENCIES
  dot_why!
